GIT
  remote: https://github.com/cjbottaro/hyperwave
  revision: c826672c8c541d30465b28a2d99b98a908451081
  specs:
    hyperwave (0.1.0)
      colorize
      net-scp
      net-ssh

GEM
  remote: https://rubygems.org/
  specs:
    coderay (1.1.2)
    colorize (0.8.1)
    method_source (0.9.0)
    net-scp (1.2.1)
      net-ssh (>= 2.6.5)
    net-ssh (4.2.0)
    pry (0.11.3)
      coderay (~> 1.1.0)
      method_source (~> 0.9.0)

PLATFORMS
  ruby

DEPENDENCIES
  hyperwave!
  pry

BUNDLED WITH
   1.16.1
